GIT
  remote: https://github.com/ElixirTeSS/TeSS_RDF_Extractors
  revision: 50039effa95febb30fda80403e2ebd9bb66963d7
  specs:
    tess_rdf_extractors (0.1.0)
      linkeddata (~> 3.2.0)

GIT
  remote: https://github.com/lassebunk/dynamic_sitemaps.git
  revision: 37beeba143e8202218ee814056231b0e6974bafb
  branch: master
  specs:
    dynamic_sitemaps (2.0.0)

GIT
  remote: https://github.com/radar/by_star
  revision: d7811c0c50f30262b4862b384c50f22f36e54f07
  specs:
    by_star (4.0.0)
      activesupport (>= 3.2.0)

GIT
  remote: https://github.com/sunspot/sunspot.git
  revision: f2f01a6278030d086e0efb141dceefdcca8932bd
  branch: master
  specs:
    sunspot (2.5.0)
      pr_geohash (~> 1.0)
      rsolr (>= 1.1.1, < 3)
    sunspot_rails (2.5.0)
      rails (>= 3)
      sunspot (= 2.5.0)

GEM
  remote: https://rails-assets.org/
  specs:
    rails-assets-clipboard (1.5.16)
    rails-assets-devbridge-autocomplete (1.4.9)
      rails-assets-jquery (>= 1.7)
    rails-assets-eonasdan-bootstrap-datetimepicker (4.17.47)
      rails-assets-jquery (>= 1.8.3)
      rails-assets-moment (>= 2.10.5)
    rails-assets-jquery (3.6.0)
    rails-assets-markdown-it (7.0.1)
    rails-assets-moment (2.15.2)

GEM
  remote: https://rubygems.org/
  specs:
    actioncable (6.1.7.3)
      actionpack (= 6.1.7.3)
      activesupport (= 6.1.7.3)
      nio4r (~> 2.0)
      websocket-driver (>= 0.6.1)
    actionmailbox (6.1.7.3)
      actionpack (= 6.1.7.3)
      activejob (= 6.1.7.3)
      activerecord (= 6.1.7.3)
      activestorage (= 6.1.7.3)
      activesupport (= 6.1.7.3)
      mail (>= 2.7.1)
    actionmailer (6.1.7.3)
      actionpack (= 6.1.7.3)
      actionview (= 6.1.7.3)
      activejob (= 6.1.7.3)
      activesupport (= 6.1.7.3)
      mail (~> 2.5, >= 2.5.4)
      rails-dom-testing (~> 2.0)
    actionpack (6.1.7.3)
      actionview (= 6.1.7.3)
      activesupport (= 6.1.7.3)
      rack (~> 2.0, >= 2.0.9)
      rack-test (>= 0.6.3)
      rails-dom-testing (~> 2.0)
      rails-html-sanitizer (~> 1.0, >= 1.2.0)
    actiontext (6.1.7.3)
      actionpack (= 6.1.7.3)
      activerecord (= 6.1.7.3)
      activestorage (= 6.1.7.3)
      activesupport (= 6.1.7.3)
      nokogiri (>= 1.8.5)
    actionview (6.1.7.3)
      activesupport (= 6.1.7.3)
      builder (~> 3.1)
      erubi (~> 1.4)
      rails-dom-testing (~> 2.0)
      rails-html-sanitizer (~> 1.1, >= 1.2.0)
    active_model_serializers (0.10.13)
      actionpack (>= 4.1, < 7.1)
      activemodel (>= 4.1, < 7.1)
      case_transform (>= 0.2)
      jsonapi-renderer (>= 0.1.1.beta1, < 0.3)
    activejob (6.1.7.3)
      activesupport (= 6.1.7.3)
      globalid (>= 0.3.6)
    activemodel (6.1.7.3)
      activesupport (= 6.1.7.3)
    activemodel-serializers-xml (1.0.2)
      activemodel (> 5.x)
      activesupport (> 5.x)
      builder (~> 3.1)
    activerecord (6.1.7.3)
      activemodel (= 6.1.7.3)
      activesupport (= 6.1.7.3)
    activerecord-session_store (2.0.0)
      actionpack (>= 5.2.4.1)
      activerecord (>= 5.2.4.1)
      multi_json (~> 1.11, >= 1.11.2)
      rack (>= 2.0.8, < 3)
      railties (>= 5.2.4.1)
    activestorage (6.1.7.3)
      actionpack (= 6.1.7.3)
      activejob (= 6.1.7.3)
      activerecord (= 6.1.7.3)
      activesupport (= 6.1.7.3)
      marcel (~> 1.0)
      mini_mime (>= 1.1.0)
    activesupport (6.1.7.3)
      concurrent-ruby (~> 1.0, >= 1.0.2)
      i18n (>= 1.6, < 2)
      minitest (>= 5.1)
      tzinfo (~> 2.0)
      zeitwerk (~> 2.3)
    addressable (2.8.1)
      public_suffix (>= 2.0.2, < 6.0)
    aes_key_wrap (1.1.0)
    amazing_print (1.4.0)
    ast (2.4.2)
    attr_required (1.0.1)
    auto_strip_attributes (2.6.0)
      activerecord (>= 4.0)
    autoprefixer-rails (10.3.3.0)
      execjs (~> 2)
    bcp47 (0.3.3)
      i18n
    bcrypt (3.1.16)
    better_errors (2.9.1)
      coderay (>= 1.0.0)
      erubi (>= 1.0.0)
      rack (>= 0.9.0)
    better_html (2.0.1)
      actionview (>= 6.0)
      activesupport (>= 6.0)
      ast (~> 2.0)
      erubi (~> 1.4)
      parser (>= 2.4)
      smart_properties
    bindata (2.4.10)
    bindex (0.8.1)
    binding_of_caller (1.0.0)
      debug_inspector (>= 0.0.1)
    bootsnap (1.11.1)
      msgpack (~> 1.2)
    bootstrap-datepicker-rails (1.6.4.1)
      railties (>= 3.0)
    bootstrap-sass (3.4.1)
      autoprefixer-rails (>= 5.2.1)
      sassc (>= 2.0.0)
    brakeman (5.4.1)
    builder (3.2.4)
    bundler-audit (0.9.1)
      bundler (>= 1.2.0, < 3)
      thor (~> 1.0)
    byebug (11.1.3)
    case_transform (0.2)
      activesupport
    chronic (0.10.2)
    chronic_duration (0.10.6)
      numerizer (~> 0.1.1)
    climate_control (0.2.0)
    coderay (1.1.3)
    committee (4.4.0)
      json_schema (~> 0.14, >= 0.14.3)
      openapi_parser (>= 0.11.1, < 1.0)
      rack (>= 1.5)
    concurrent-ruby (1.2.2)
    connection_pool (2.3.0)
    countries (3.1.0)
      i18n_data (~> 0.11.0)
      sixarm_ruby_unaccent (~> 1.1)
      unicode_utils (~> 1.4)
    country_select (4.0.0)
      countries (~> 3.0)
      sort_alphabetical (~> 1.0)
    crack (0.4.5)
      rexml
    crass (1.0.6)
    date (3.3.3)
    debug_inspector (1.1.0)
    devise (4.8.0)
      bcrypt (~> 3.0)
      orm_adapter (~> 0.1)
      railties (>= 4.1.0)
      responders
      warden (~> 1.2.3)
    devise_invitable (2.0.6)
      actionmailer (>= 5.0)
      devise (>= 4.6)
    docile (1.4.0)
    domain_name (0.5.20190701)
      unf (>= 0.0.5, < 1.0.0)
    ebnf (2.3.1)
      amazing_print (~> 1.4)
      htmlentities (~> 4.3)
      rdf (~> 3.2)
      scanf (~> 1.0)
      sxp (~> 1.2)
      unicode-types (~> 1.7)
    erb_lint (0.4.0)
      activesupport
      better_html (>= 2.0.1)
      parser (>= 2.7.1.4)
      rainbow
      rubocop
      smart_properties
    erubi (1.12.0)
    ethon (0.16.0)
      ffi (>= 1.15.0)
    eventbrite_sdk (3.6.0)
      rest-client (~> 2.0)
    execjs (2.8.1)
    fakeredis (0.9.0)
      redis (~> 4.8)
    faraday (1.8.0)
      faraday-em_http (~> 1.0)
      faraday-em_synchrony (~> 1.0)
      faraday-excon (~> 1.1)
      faraday-httpclient (~> 1.0.1)
      faraday-net_http (~> 1.0)
      faraday-net_http_persistent (~> 1.1)
      faraday-patron (~> 1.0)
      faraday-rack (~> 1.0)
      multipart-post (>= 1.2, < 3)
      ruby2_keywords (>= 0.0.4)
    faraday-em_http (1.0.0)
    faraday-em_synchrony (1.0.0)
    faraday-excon (1.1.0)
    faraday-httpclient (1.0.1)
    faraday-net_http (1.0.1)
    faraday-net_http_persistent (1.2.0)
    faraday-patron (1.0.0)
    faraday-rack (1.0.0)
    ffi (1.15.4)
    font-awesome-sass (4.7.0)
      sass (>= 3.2)
    friendly_id (5.2.5)
      activerecord (>= 4.0.0)
    geocoder (1.7.0)
    globalid (1.1.0)
      activesupport (>= 5.0)
    gravtastic (3.2.6)
    haml (5.2.2)
      temple (>= 0.8.0)
      tilt
    hamster (3.0.0)
      concurrent-ruby (~> 1.0)
    handlebars_assets (0.23.9)
      execjs (~> 2.0)
      sprockets (>= 2.0.0)
      tilt (>= 1.2)
    hashdiff (1.0.1)
    hashie (5.0.0)
    highline (1.7.10)
    htmlentities (4.3.4)
    http-accept (1.7.0)
    http-cookie (1.0.4)
      domain_name (~> 0.5)
    httparty (0.21.0)
      mini_mime (>= 1.0.0)
      multi_xml (>= 0.5.2)
    httpclient (2.8.3)
    i18n (1.12.0)
      concurrent-ruby (~> 1.0)
    i18n_data (0.11.0)
    icalendar (2.4.1)
    iso_country_codes (0.7.8)
    jbuilder (2.11.3)
      activesupport (>= 5.0.0)
    jquery-qtip2-wrapper-rails (3.0.3)
    jquery-rails (4.4.0)
      rails-dom-testing (>= 1, < 3)
      railties (>= 4.2.0)
      thor (>= 0.14, < 2.0)
    jquery-simplecolorpicker-rails (0.5.0)
      railties (>= 3.1.0)
    jquery-turbolinks (2.1.0)
      railties (>= 3.1.0)
      turbolinks
    jquery-ui-rails (6.0.1)
      railties (>= 3.2.16)
    json (2.6.1)
    json-canonicalization (0.3.0)
    json-jwt (1.13.0)
      activesupport (>= 4.2)
      aes_key_wrap
      bindata
    json-ld (3.2.3)
      htmlentities (~> 4.3)
      json-canonicalization (~> 0.3)
      link_header (~> 0.0, >= 0.0.8)
      multi_json (~> 1.15)
      rack (~> 2.2)
      rdf (~> 3.2, >= 3.2.9)
    json-ld-preloaded (3.2.2)
      json-ld (~> 3.2)
      rdf (~> 3.2)
    json_schema (0.21.0)
    jsonapi-renderer (0.2.2)
    kaminari (1.2.1)
      activesupport (>= 4.1.0)
      kaminari-actionview (= 1.2.1)
      kaminari-activerecord (= 1.2.1)
      kaminari-core (= 1.2.1)
    kaminari-actionview (1.2.1)
      actionview
      kaminari-core (= 1.2.1)
    kaminari-activerecord (1.2.1)
      activerecord
      kaminari-core (= 1.2.1)
    kaminari-core (1.2.1)
    kt-paperclip (7.0.1)
      activemodel (>= 4.2.0)
      activesupport (>= 4.2.0)
      marcel (~> 1.0.1)
      mime-types
      terrapin (~> 0.6.0)
    ld-patch (3.2.0)
      ebnf (~> 2.2)
      rdf (~> 3.2)
      rdf-xsd (~> 3.2)
      sparql (~> 3.2)
      sxp (~> 1.2)
    link_header (0.0.8)
    linkeddata (3.2.1)
      json-ld (~> 3.2, >= 3.2.3)
      json-ld-preloaded (~> 3.2)
      ld-patch (~> 3.2)
      nokogiri (~> 1.13, >= 1.13.8)
      rdf (~> 3.2, >= 3.2.9)
      rdf-aggregate-repo (~> 3.2, >= 3.2.1)
      rdf-hamster-repo (~> 3.2)
      rdf-isomorphic (~> 3.2, >= 3.2.1)
      rdf-json (~> 3.2)
      rdf-microdata (~> 3.2, >= 3.2.1)
      rdf-n3 (~> 3.2, >= 3.2.1)
      rdf-normalize (~> 0.5)
      rdf-ordered-repo (~> 3.2, >= 3.2.1)
      rdf-rdfa (~> 3.2)
      rdf-rdfxml (~> 3.2)
      rdf-reasoner (~> 0.8)
      rdf-tabular (~> 3.2, >= 3.2.1)
      rdf-trig (~> 3.2)
      rdf-trix (~> 3.2)
      rdf-turtle (~> 3.2, >= 3.2.1)
      rdf-vocab (~> 3.2, >= 3.2.1)
      rdf-xsd (~> 3.2, >= 3.2.1)
      shacl (~> 0.2, >= 0.2.1)
      shex (~> 0.7, >= 0.7.1)
      sparql (~> 3.2, >= 3.2.4)
      sparql-client (~> 3.2, >= 3.2.1)
      yaml-ld (~> 0.0)
    listen (3.7.0)
      rb-fsevent (~> 0.10, >= 0.10.3)
      rb-inotify (~> 0.9, >= 0.9.10)
    logger (1.5.1)
    loofah (2.19.1)
      crass (~> 1.0.2)
      nokogiri (>= 1.5.9)
    lunchy (0.10.4)
    mail (2.8.1)
      mini_mime (>= 0.1.1)
      net-imap
      net-pop
      net-smtp
    marcel (1.0.2)
    matrix (0.4.2)
    method_source (1.0.0)
    mime-types (3.4.1)
      mime-types-data (~> 3.2015)
    mime-types-data (3.2022.0105)
    mini_mime (1.1.2)
    mini_portile2 (2.8.1)
    minitest (5.14.4)
    monetize (1.12.0)
      money (~> 6.12)
    money (6.16.0)
      i18n (>= 0.6.4, <= 2)
    money-rails (1.15.0)
      activesupport (>= 3.0)
      monetize (~> 1.9)
      money (~> 6.13)
      railties (>= 3.0)
    msgpack (1.5.1)
    multi_json (1.15.0)
    multi_xml (0.6.0)
    multipart-post (2.1.1)
    nested_form (0.3.2)
    net-http-persistent (4.0.1)
      connection_pool (~> 2.2)
    net-imap (0.3.4)
      date
      net-protocol
    net-pop (0.1.2)
      net-protocol
    net-protocol (0.2.1)
      timeout
    net-smtp (0.3.3)
      net-protocol
    netrc (0.11.0)
    nio4r (2.5.8)
    nokogiri (1.14.3)
      mini_portile2 (~> 2.8.0)
      racc (~> 1.4)
    numerizer (0.1.1)
    omniauth (2.0.4)
      hashie (>= 3.4.6)
      rack (>= 1.6.2, < 3)
      rack-protection
    omniauth-rails_csrf_protection (1.0.1)
      actionpack (>= 4.2)
      omniauth (~> 2.0)
    omniauth_openid_connect (0.4.0)
      addressable (~> 2.5)
      omniauth (>= 1.9, < 3)
      openid_connect (~> 1.1)
    openapi_parser (0.15.0)
    openid_connect (1.3.0)
      activemodel
      attr_required (>= 1.0.0)
      json-jwt (>= 1.5.0)
      rack-oauth2 (>= 1.6.1)
      swd (>= 1.0.0)
      tzinfo
      validate_email
      validate_url
      webfinger (>= 1.0.1)
    options (2.3.2)
    orm_adapter (0.5.0)
    parallel (1.21.0)
    parser (3.0.3.1)
      ast (~> 2.4.1)
    pg (1.2.3)
    pr_geohash (1.0.0)
    private_address_check (0.5.0)
    progress_bar (1.1.0)
      highline (~> 1.6)
      options (~> 2.3.0)
    pry (0.14.1)
      coderay (~> 1.1)
      method_source (~> 1.0)
    pry-byebug (3.10.1)
      byebug (~> 11.0)
      pry (>= 0.13, < 0.15)
    psych (4.0.6)
      stringio
    public_activity (1.6.4)
      actionpack (>= 3.0.0)
      activerecord (>= 3.0)
      i18n (>= 0.5.0)
      railties (>= 3.0.0)
    public_suffix (5.0.0)
    puma (5.6.4)
      nio4r (~> 2.0)
    pundit (1.1.0)
      activesupport (>= 3.0.0)
    racc (1.6.2)
    rack (2.2.6.4)
    rack-cors (1.1.1)
      rack (>= 2.0.0)
    rack-oauth2 (1.19.0)
      activesupport
      attr_required
      httpclient
      json-jwt (>= 1.11.0)
      rack (>= 2.1.0)
    rack-pjax (1.1.0)
      nokogiri (~> 1.5)
      rack (>= 1.1)
    rack-protection (2.2.0)
      rack
    rack-test (2.1.0)
      rack (>= 1.3)
    rails (6.1.7.3)
      actioncable (= 6.1.7.3)
      actionmailbox (= 6.1.7.3)
      actionmailer (= 6.1.7.3)
      actionpack (= 6.1.7.3)
      actiontext (= 6.1.7.3)
      actionview (= 6.1.7.3)
      activejob (= 6.1.7.3)
      activemodel (= 6.1.7.3)
      activerecord (= 6.1.7.3)
      activestorage (= 6.1.7.3)
      activesupport (= 6.1.7.3)
      bundler (>= 1.15.0)
      railties (= 6.1.7.3)
      sprockets-rails (>= 2.0.0)
    rails-controller-testing (1.0.5)
      actionpack (>= 5.0.1.rc1)
      actionview (>= 5.0.1.rc1)
      activesupport (>= 5.0.1.rc1)
    rails-dom-testing (2.0.3)
      activesupport (>= 4.2.0)
      nokogiri (>= 1.6)
    rails-html-sanitizer (1.5.0)
      loofah (~> 2.19, >= 2.19.1)
    rails-i18n (7.0.3)
      i18n (>= 0.7, < 2)
      railties (>= 6.0.0, < 8)
    rails_admin (2.2.1)
      activemodel-serializers-xml (>= 1.0)
      builder (~> 3.1)
      haml (>= 4.0, < 6)
      jquery-rails (>= 3.0, < 5)
      jquery-ui-rails (>= 5.0, < 7)
      kaminari (>= 0.14, < 2.0)
      nested_form (~> 0.3)
      rack-pjax (>= 0.7)
      rails (>= 5.0, < 7)
      remotipart (~> 1.3)
      sassc-rails (>= 1.3, < 3)
    railties (6.1.7.3)
      actionpack (= 6.1.7.3)
      activesupport (= 6.1.7.3)
      method_source
      rake (>= 12.2)
      thor (~> 1.0)
    rainbow (3.0.0)
    rake (13.0.6)
    rb-fsevent (0.11.0)
    rb-inotify (0.10.1)
      ffi (~> 1.0)
    rdf (3.2.9)
      link_header (~> 0.0, >= 0.0.8)
    rdf-aggregate-repo (3.2.1)
      rdf (~> 3.2)
    rdf-hamster-repo (3.2.1)
      hamster (~> 3.0)
      rdf (~> 3.2, >= 3.2.1)
    rdf-isomorphic (3.2.1)
      rdf (~> 3.2)
    rdf-json (3.2.0)
      rdf (~> 3.2)
    rdf-microdata (3.2.1)
      htmlentities (~> 4.3)
      nokogiri (~> 1.13)
      rdf (~> 3.2)
      rdf-rdfa (~> 3.2)
      rdf-xsd (~> 3.2)
    rdf-n3 (3.2.1)
      ebnf (~> 2.2)
      rdf (~> 3.2)
      sparql (~> 3.2)
      sxp (~> 1.2)
    rdf-normalize (0.5.0)
      rdf (~> 3.2)
    rdf-ordered-repo (3.2.1)
      rdf (~> 3.2, >= 3.2.1)
    rdf-rdfa (3.2.0)
      haml (~> 5.2)
      htmlentities (~> 4.3)
      rdf (~> 3.2)
      rdf-aggregate-repo (~> 3.2)
      rdf-vocab (~> 3.2)
      rdf-xsd (~> 3.2)
    rdf-rdfxml (3.2.0)
      htmlentities (~> 4.3)
      rdf (~> 3.2)
      rdf-rdfa (~> 3.2)
      rdf-xsd (~> 3.2)
    rdf-reasoner (0.8.0)
      rdf (~> 3.2)
      rdf-xsd (~> 3.2)
    rdf-tabular (3.2.1)
      addressable (~> 2.8)
      bcp47 (~> 0.3, >= 0.3.3)
      json-ld (~> 3.2)
      rdf (~> 3.2, >= 3.2.7)
      rdf-vocab (~> 3.2)
      rdf-xsd (~> 3.2)
    rdf-trig (3.2.0)
      ebnf (~> 2.2)
      rdf (~> 3.2)
      rdf-turtle (~> 3.2)
    rdf-trix (3.2.0)
      rdf (~> 3.2)
      rdf-xsd (~> 3.2)
    rdf-turtle (3.2.1)
      ebnf (~> 2.3)
      rdf (~> 3.2)
    rdf-vocab (3.2.3)
      rdf (~> 3.2, >= 3.2.4)
    rdf-xsd (3.2.1)
      rdf (~> 3.2)
      rexml (~> 3.2)
    rdoc (6.3.3)
    recaptcha (5.8.1)
      json
    redcarpet (3.5.1)
    redis (4.8.1)
    regexp_parser (2.1.1)
    remotipart (1.4.4)
    responders (3.0.1)
      actionpack (>= 5.0)
      railties (>= 5.0)
    rest-client (2.1.0)
      http-accept (>= 1.7.0, < 2.0)
      http-cookie (>= 1.0.2, < 2.0)
      mime-types (>= 1.16, < 4.0)
      netrc (~> 0.8)
    reverse_markdown (2.1.1)
      nokogiri
    rexml (3.2.5)
    rsolr (2.3.0)
      builder (>= 2.1.2)
      faraday (>= 0.9.0)
    rss (0.2.9)
      rexml
    rubocop (1.23.0)
      parallel (~> 1.10)
      parser (>= 3.0.0.0)
      rainbow (>= 2.2.2, < 4.0)
      regexp_parser (>= 1.8, < 3.0)
      rexml
      rubocop-ast (>= 1.12.0, < 2.0)
      ruby-progressbar (~> 1.7)
      unicode-display_width (>= 1.4.0, < 3.0)
    rubocop-ast (1.13.0)
      parser (>= 3.0.1.1)
    ruby-progressbar (1.11.0)
    ruby2_keywords (0.0.5)
    sass (3.7.4)
      sass-listen (~> 4.0.0)
    sass-listen (4.0.0)
      rb-fsevent (~> 0.9, >= 0.9.4)
      rb-inotify (~> 0.9, >= 0.9.7)
    sass-rails (5.1.0)
      railties (>= 5.2.0)
      sass (~> 3.1)
      sprockets (>= 2.8, < 4.0)
      sprockets-rails (>= 2.0, < 4.0)
      tilt (>= 1.1, < 3)
    sassc (2.4.0)
      ffi (~> 1.9)
    sassc-rails (2.1.2)
      railties (>= 4.0.0)
      sassc (>= 2.0)
      sprockets (> 3.0)
      sprockets-rails
      tilt
    scanf (1.0.0)
    sdoc (1.1.0)
      rdoc (>= 5.0)
    shacl (0.3.0)
      json-ld (~> 3.2)
      rdf (~> 3.2, >= 3.2.8)
      sparql (~> 3.2, >= 3.2.4)
      sxp (~> 1.2)
    shex (0.7.1)
      ebnf (~> 2.2)
      htmlentities (~> 4.3)
      json-ld (~> 3.2)
      json-ld-preloaded (~> 3.2)
      rdf (~> 3.2)
      rdf-xsd (~> 3.2)
      sparql (~> 3.2)
      sxp (~> 1.2)
    sidekiq (6.4.2)
      connection_pool (>= 2.2.2)
      rack (~> 2.0)
      redis (>= 4.2.0)
    sidekiq-status (2.1.3)
      chronic_duration
      sidekiq (>= 5.0)
    simple_form (5.1.0)
      actionpack (>= 5.2)
      activemodel (>= 5.2)
    simple_token_authentication (1.17.0)
      actionmailer (>= 3.2.6, < 7)
      actionpack (>= 3.2.6, < 7)
      devise (>= 3.2, < 6)
    simplecov (0.21.2)
      docile (~> 1.1)
      simplecov-html (~> 0.11)
      simplecov_json_formatter (~> 0.1)
    simplecov-html (0.12.3)
    simplecov-lcov (0.8.0)
    simplecov_json_formatter (0.1.3)
    sitemap-parser (0.5.6)
      nokogiri (~> 1.6)
      typhoeus (>= 0.6, < 2.0)
    sixarm_ruby_unaccent (1.2.0)
    slim (4.1.0)
      temple (>= 0.7.6, < 0.9)
      tilt (>= 2.0.6, < 2.1)
    smart_properties (1.17.0)
    sort_alphabetical (1.1.0)
      unicode_utils (>= 1.2.2)
    sparql (3.2.4)
      builder (~> 3.2)
      ebnf (~> 2.2, >= 2.3.1)
      logger (~> 1.5)
      rdf (~> 3.2, >= 3.2.8)
      rdf-aggregate-repo (~> 3.2)
      rdf-xsd (~> 3.2)
      sparql-client (~> 3.2, >= 3.2.1)
      sxp (~> 1.2, >= 1.2.2)
    sparql-client (3.2.1)
      net-http-persistent (~> 4.0, >= 4.0.1)
      rdf (~> 3.2, >= 3.2.6)
    sprockets (3.7.2)
      concurrent-ruby (~> 1.0)
      rack (> 1, < 3)
    sprockets-rails (3.4.2)
      actionpack (>= 5.2)
      activesupport (>= 5.2)
      sprockets (>= 3.0.0)
    stringio (3.0.1)
    swd (1.3.0)
      activesupport (>= 3)
      attr_required (>= 0.0.5)
      httpclient (>= 2.4)
    sxp (1.2.3)
      matrix (~> 0.4)
      rdf (~> 3.2)
    temple (0.8.2)
    terrapin (0.6.0)
      climate_control (>= 0.0.3, < 1.0)
    terser (1.1.13)
      execjs (>= 0.3.0, < 3)
    thor (1.2.1)
    tilt (2.0.11)
    time_diff (0.3.0)
      activesupport
      i18n
    timeout (0.3.2)
    turbolinks (5.2.1)
      turbolinks-source (~> 5.2)
    turbolinks-source (5.2.0)
    typhoeus (1.4.0)
      ethon (>= 0.9.0)
    tzinfo (2.0.6)
      concurrent-ruby (~> 1.0)
    tzinfo-data (1.2022.1)
      tzinfo (>= 1.0.0)
    unf (0.1.4)
      unf_ext
    unf_ext (0.0.8.1)
    unicode-display_width (2.1.0)
    unicode-types (1.8.0)
    unicode_utils (1.4.0)
    validate_email (0.1.6)
      activemodel (>= 3.0)
      mail (>= 2.2.5)
    validate_url (1.0.13)
      activemodel (>= 3.0.0)
      public_suffix
    vcr (6.1.0)
    warden (1.2.9)
      rack (>= 2.0.9)
    web-console (4.2.0)
      actionview (>= 6.0.0)
      activemodel (>= 6.0.0)
      bindex (>= 0.4.0)
      railties (>= 6.0.0)
    webfinger (1.2.0)
      activesupport
      httpclient (>= 2.4)
    webmock (3.18.1)
      addressable (>= 2.8.0)
      crack (>= 0.3.2)
      hashdiff (>= 0.4.0, < 2.0.0)
    websocket-driver (0.7.5)
      websocket-extensions (>= 0.1.0)
    websocket-extensions (0.1.5)
    whenever (1.0.0)
      chronic (>= 0.6.3)
    will_paginate (3.3.1)
    yaml-ld (0.0.2)
      json-ld (~> 3.2, >= 3.2.3)
      psych (>= 3.3)
      rdf (~> 3.2, >= 3.2.9)
      rdf-xsd (~> 3.2)
    zeitwerk (2.6.7)

PLATFORMS
  ruby

DEPENDENCIES
  active_model_serializers (~> 0.10.13)
  activerecord-session_store
  auto_strip_attributes (~> 2.0)
  better_errors
  binding_of_caller
  bootsnap (>= 1.4.4)
  bootstrap-datepicker-rails (~> 1.6.4.1)
  bootstrap-sass (>= 3.4.1)
  brakeman
  bundler-audit
  by_star!
  byebug
  committee (~> 4.4)
  country_select (<= 4.0.0)
  devise
  devise_invitable (~> 2.0.5)
  dynamic_sitemaps!
  erb_lint
  eventbrite_sdk
  fakeredis (= 0.9.0)
  font-awesome-sass (~> 4.7.0)
  friendly_id (~> 5.2.4)
  geocoder
  gravtastic (~> 3.2.6)
  haml
  handlebars_assets
  httparty
  i18n_data
  icalendar (~> 2.4.1)
  iso_country_codes
  jbuilder
  jquery-qtip2-wrapper-rails
  jquery-rails
  jquery-simplecolorpicker-rails
  jquery-turbolinks
  json (>= 2.3.0)
  kt-paperclip (~> 7.0.0)
  linkeddata
  listen
  lunchy
  minitest (= 5.14.4)
  money-rails
  omniauth-rails_csrf_protection
  omniauth_openid_connect
  pg
  private_address_check
  progress_bar (~> 1.1.0)
  pry-byebug
  public_activity (~> 1.6.4)
  puma
  pundit (~> 1.1.0)
  rack-cors
  rails (~> 6.0)
  rails-assets-clipboard (~> 1.5.12)!
  rails-assets-devbridge-autocomplete (~> 1.4.9)!
  rails-assets-eonasdan-bootstrap-datetimepicker (~> 4.17.42)!
  rails-assets-markdown-it (~> 7.0.1)!
  rails-assets-moment (~> 2.15.0)!
  rails-controller-testing
  rails-i18n
  rails_admin (~> 2.2.1)
  rdoc (>= 6.3.1)
  recaptcha
  redcarpet (~> 3.5.1)
  redis (< 5.0.0)
  rest-client
  reverse_markdown
  rss
  rubocop
  sass-rails (~> 5.0)
  sassc-rails (~> 2.1.2)
  sdoc (>= 1.1.0)
  sidekiq (~> 6.4.0)
  sidekiq-status
  simple_form
  simple_token_authentication (~> 1.0)
  simplecov
  simplecov-lcov
  sitemap-parser (~> 0.5.6)
  slim
  sunspot_rails!
  terser
  tess_rdf_extractors!
  time_diff
  turbolinks
  tzinfo
  tzinfo-data
  validate_url (~> 1.0.2)
  vcr (~> 6.1.0)
  web-console
  webmock (~> 3.18.1)
  whenever (~> 1.0.0)
  will_paginate

BUNDLED WITH
   2.2.33
